PATH
  remote: .
  specs:
    coolkit (0.3.0)

GEM
  remote: https://rubygems.org/
  specs:
    ansi (1.5.0)
    builder (3.2.3)
    coveralls (0.8.23)
      json (>= 1.8, < 3)
      simplecov (~> 0.16.1)
      term-ansicolor (~> 1.3)
      thor (>= 0.19.4, < 2.0)
      tins (~> 1.6)
    docile (1.3.2)
    json (2.2.0)
    minitest (5.13.0)
    minitest-focus (1.1.2)
      minitest (>= 4, < 6)
    minitest-reporters (1.4.2)
      ansi
      builder
      minitest (>= 5.0)
      ruby-progressbar
    rake (10.5.0)
    ruby-progressbar (1.10.1)
    simplecov (0.16.1)
      docile (~> 1.1)
      json (>= 1.8, < 3)
      simplecov-html (~> 0.10.0)
    simplecov-html (0.10.2)
    term-ansicolor (1.7.1)
      tins (~> 1.0)
    thor (0.20.3)
    tins (1.22.2)

PLATFORMS
  ruby

DEPENDENCIES
  bundler (~> 2.0)
  coolkit!
  coveralls (~> 0.8.23)
  minitest (~> 5.0)
  minitest-focus (~> 1.1)
  minitest-reporters (~> 1.4)
  rake (~> 10.0)
  simplecov

BUNDLED WITH
   2.0.2
